PATH
  remote: .
  specs:
    redi_set (0.0.0)
      hiredis
      redis

GEM
  remote: https://rubygems.org/
  specs:
    diff-lcs (1.4.4)
    hiredis (0.6.3)
    redis (4.2.2)
    rspec (3.9.0)
      rspec-core (~> 3.9.0)
      rspec-expectations (~> 3.9.0)
      rspec-mocks (~> 3.9.0)
    rspec-core (3.9.3)
      rspec-support (~> 3.9.3)
    rspec-expectations (3.9.2)
      diff-lcs (>= 1.2.0, < 2.0)
      rspec-support (~> 3.9.0)
    rspec-mocks (3.9.1)
      diff-lcs (>= 1.2.0, < 2.0)
      rspec-support (~> 3.9.0)
    rspec-support (3.9.3)

PLATFORMS
  ruby

DEPENDENCIES
  redi_set!
  rspec (~> 3.9)

BUNDLED WITH
   2.1.4
